PATH
  remote: .
  specs:
    json_schemer (2.1.1)
      hana (~> 1.3)
      regexp_parser (~> 2.0)
      simpleidn (~> 0.2)

GEM
  remote: https://rubygems.org/
  specs:
    concurrent-ruby (1.2.2)
    docile (1.4.0)
    hana (1.3.7)
    i18n (1.14.1)
      concurrent-ruby (~> 1.0)
    i18n-debug (1.2.0)
      i18n (< 2)
    minitest (5.15.0)
    rake (13.0.6)
    regexp_parser (2.8.2)
    simplecov (0.22.0)
      docile (~> 1.1)
      simplecov-html (~> 0.11)
      simplecov_json_formatter (~> 0.1)
    simplecov-html (0.12.3)
    simplecov_json_formatter (0.1.4)
    simpleidn (0.2.1)
      unf (~> 0.1.4)
    unf (0.1.4)
      unf_ext
    unf (0.1.4-java)
    unf_ext (0.0.9.1)

PLATFORMS
  java
  ruby

DEPENDENCIES
  bundler (~> 2.0)
  i18n
  i18n-debug
  json_schemer!
  minitest (~> 5.0)
  rake (~> 13.0)
  simplecov (~> 0.22)

BUNDLED WITH
   2.3.25
